GIT
  remote: https://github.com/dunn/w3c_datetime.git
  revision: dc98e11d47782b4971ab90c3711b23a89d04c7f5
  ref: dc98e11d47782b4971ab90c3711b23a89d04c7f5
  branch: errors
  specs:
    w3c_datetime (0.0.4)

GIT
  remote: https://github.com/ucsblibrary/metadata-fields.git
  revision: e4d41ff8ef89f41bbb6c8dea2d44c1f68d5307d2
  ref: e4d41ff8ef89f41bbb6c8dea2d44c1f68d5307d2
  specs:
    metadata-fields (0.0.1)
      rdf-vocab (>= 2.0)

GEM
  remote: https://rubygems.org/
  specs:
    activesupport (5.1.3)
      concurrent-ruby (~> 1.0, >= 1.0.2)
      i18n (~> 0.7)
      minitest (~> 5.1)
      tzinfo (~> 1.1)
    ast (2.3.0)
    byebug (9.0.6)
    charlock_holmes (0.7.5)
    coderay (1.1.1)
    concurrent-ruby (1.0.5)
    hamster (3.0.0)
      concurrent-ruby (~> 1.0)
    htmlentities (4.3.4)
    i18n (0.8.6)
    iso-639 (0.2.8)
    link_header (0.0.8)
    method_source (0.8.2)
    mini_portile2 (2.2.0)
    minitest (5.10.3)
    mods (2.1.0)
      iso-639
      nokogiri
      nom-xml (~> 0.6.0)
    nokogiri (1.8.0)
      mini_portile2 (~> 2.2.0)
    nom-xml (0.6.0)
      activesupport (>= 3.2.18)
      i18n
      nokogiri
    parallel (1.12.0)
    parser (2.4.0.0)
      ast (~> 2.2)
    powerpack (0.1.1)
    pry (0.10.4)
      coderay (~> 1.1.0)
      method_source (~> 0.8.1)
      slop (~> 3.4)
    pry-doc (0.11.1)
      pry (~> 0.9)
      yard (~> 0.9)
    rainbow (2.2.2)
      rake
    rake (12.0.0)
    rdf (2.2.7)
      hamster (~> 3.0)
      link_header (~> 0.0, >= 0.0.8)
    rdf-vocab (2.2.3)
      rdf (~> 2.2)
    rubocop (0.49.1)
      parallel (~> 1.10)
      parser (>= 2.3.3.1, < 3.0)
      powerpack (~> 0.1)
      rainbow (>= 1.99.1, < 3.0)
      ruby-progressbar (~> 1.7)
      unicode-display_width (~> 1.0, >= 1.0.1)
    ruby-progressbar (1.8.1)
    slop (3.6.0)
    thread_safe (0.3.6)
    tzinfo (1.2.3)
      thread_safe (~> 0.1)
    unicode-display_width (1.3.0)
    yard (0.9.9)

PLATFORMS
  ruby

DEPENDENCIES
  byebug
  charlock_holmes
  htmlentities
  metadata-fields!
  method_source
  minitest
  mods
  nokogiri
  pry
  pry-doc
  rake
  rubocop (~> 0.49.0)
  w3c_datetime!

BUNDLED WITH
   1.15.3
